GEM
  remote: https://rubygems.org/
  specs:
    ast (2.4.0)
    awesome_print (1.8.0)
    byebug (11.0.1)
    coderay (1.1.2)
    diff-lcs (1.3)
    jaro_winkler (1.5.2)
    method_source (0.9.2)
    parallel (1.14.0)
    parser (2.6.2.0)
      ast (~> 2.4.0)
    pry (0.12.2)
      coderay (~> 1.1.0)
      method_source (~> 0.9.0)
    pry-byebug (3.7.0)
      byebug (~> 11.0)
      pry (~> 0.10)
    pry-meta (0.0.10)
      awesome_print
      pry
      pry-byebug
      pry-remote
    pry-remote (0.1.8)
      pry (~> 0.9)
      slop (~> 3.0)
    psych (3.1.0)
    rainbow (3.0.0)
    rspec (3.6.0)
      rspec-core (~> 3.6.0)
      rspec-expectations (~> 3.6.0)
      rspec-mocks (~> 3.6.0)
    rspec-core (3.6.0)
      rspec-support (~> 3.6.0)
    rspec-expectations (3.6.0)
      diff-lcs (>= 1.2.0, < 2.0)
      rspec-support (~> 3.6.0)
    rspec-mocks (3.6.0)
      diff-lcs (>= 1.2.0, < 2.0)
      rspec-support (~> 3.6.0)
    rspec-support (3.6.0)
    rubocop (0.66.0)
      jaro_winkler (~> 1.5.1)
      parallel (~> 1.10)
      parser (>= 2.5, != 2.5.1.1)
      psych (>= 3.1.0)
      rainbow (>= 2.2.2, < 4.0)
      ruby-progressbar (~> 1.7)
      unicode-display_width (>= 1.4.0, < 1.6)
    ruby-progressbar (1.10.0)
    slop (3.6.0)
    unicode-display_width (1.5.0)

PLATFORMS
  ruby

DEPENDENCIES
  pry-meta
  rspec
  rubocop

RUBY VERSION
   ruby 2.6.1p33

BUNDLED WITH
   1.17.2
